GEM
  remote: https://rubygems.org/
  specs:
    actioncable (5.0.7)
      actionpack (= 5.0.7)
      nio4r (>= 1.2, < 3.0)
      websocket-driver (~> 0.6.1)
    actionmailer (5.0.7)
      actionpack (= 5.0.7)
      actionview (= 5.0.7)
      activejob (= 5.0.7)
      mail (~> 2.5, >= 2.5.4)
      rails-dom-testing (~> 2.0)
    actionpack (5.0.7)
      actionview (= 5.0.7)
      activesupport (= 5.0.7)
      rack (~> 2.0)
      rack-test (~> 0.6.3)
      rails-dom-testing (~> 2.0)
      rails-html-sanitizer (~> 1.0, >= 1.0.2)
    actionview (5.0.7)
      activesupport (= 5.0.7)
      builder (~> 3.1)
      erubis (~> 2.7.0)
      rails-dom-testing (~> 2.0)
      rails-html-sanitizer (~> 1.0, >= 1.0.3)
    activejob (5.0.7)
      activesupport (= 5.0.7)
      globalid (>= 0.3.6)
    activemodel (5.0.7)
      activesupport (= 5.0.7)
    activerecord (5.0.7)
      activemodel (= 5.0.7)
      activesupport (= 5.0.7)
      arel (~> 7.0)
    activesupport (5.0.7)
      concurrent-ruby (~> 1.0, >= 1.0.2)
      i18n (>= 0.7, < 2)
      minitest (~> 5.1)
      tzinfo (~> 1.1)
    addressable (2.4.0)
    arel (7.1.4)
    builder (3.2.3)
    capybara (2.8.1)
      addressable
      mime-types (>= 1.16)
      nokogiri (>= 1.3.3)
      rack (>= 1.0.0)
      rack-test (>= 0.5.4)
      xpath (~> 2.0)
    coffee-rails (4.2.1)
      coffee-script (>= 2.2.0)
      railties (>= 4.0.0, < 5.2.x)
    coffee-script (2.4.1)
      coffee-script-source
      execjs
    coffee-script-source (1.10.0)
    concurrent-ruby (1.1.10)
    crass (1.0.4)
    diff-lcs (1.2.5)
    domain_name (0.5.20160826)
      unf (>= 0.0.5, < 1.0.0)
    dotenv (2.1.1)
    erubis (2.7.0)
    execjs (2.7.0)
    globalid (1.0.1)
      activesupport (>= 5.0)
    haml (5.0.4)
      temple (>= 0.8.0)
      tilt
    haml-rails (1.0.0)
      actionpack (>= 4.0.1)
      activesupport (>= 4.0.1)
      haml (>= 4.0.6, < 6.0)
      html2haml (>= 1.0.1)
      railties (>= 4.0.1)
    html2haml (2.2.0)
      erubis (~> 2.7.0)
      haml (>= 4.0, < 6)
      nokogiri (>= 1.6.0)
      ruby_parser (~> 3.5)
    http-cookie (1.0.2)
      domain_name (~> 0.5)
    i18n (1.12.0)
      concurrent-ruby (~> 1.0)
    jquery-rails (4.2.1)
      rails-dom-testing (>= 1, < 3)
      railties (>= 4.2.0)
      thor (>= 0.14, < 2.0)
    kgio (2.10.0)
    lograge (0.4.1)
      actionpack (>= 4, < 5.1)
      activesupport (>= 4, < 5.1)
      railties (>= 4, < 5.1)
    loofah (2.2.2)
      crass (~> 1.0.2)
      nokogiri (>= 1.5.9)
    mail (2.7.0)
      mini_mime (>= 0.1.1)
    method_source (0.9.0)
    mime-types (3.2.2)
      mime-types-data (~> 3.2015)
    mime-types-data (3.2018.0812)
    mini_mime (1.0.1)
    mini_portile2 (2.3.0)
    minitest (5.17.0)
    netrc (0.11.0)
    nio4r (2.3.1)
    nokogiri (1.8.4)
      mini_portile2 (~> 2.3.0)
    pg (1.1.3)
    rack (2.0.5)
    rack-canonical-host (0.2.2)
      addressable (> 0, < 3)
      rack (>= 1.0.0, < 3)
    rack-test (0.6.3)
      rack (>= 1.0)
    rails (5.0.7)
      actioncable (= 5.0.7)
      actionmailer (= 5.0.7)
      actionpack (= 5.0.7)
      actionview (= 5.0.7)
      activejob (= 5.0.7)
      activemodel (= 5.0.7)
      activerecord (= 5.0.7)
      activesupport (= 5.0.7)
      bundler (>= 1.3.0)
      railties (= 5.0.7)
      sprockets-rails (>= 2.0.0)
    rails-dom-testing (2.0.3)
      activesupport (>= 4.2.0)
      nokogiri (>= 1.6)
    rails-html-sanitizer (1.0.4)
      loofah (~> 2.2, >= 2.2.2)
    rails_12factor (0.0.3)
      rails_serve_static_assets
      rails_stdout_logging
    rails_serve_static_assets (0.0.5)
    rails_stdout_logging (0.0.5)
    railties (5.0.7)
      actionpack (= 5.0.7)
      activesupport (= 5.0.7)
      method_source
      rake (>= 0.8.7)
      thor (>= 0.18.1, < 2.0)
    raindrops (0.17.0)
    rake (12.3.1)
    rest-client (2.0.0)
      http-cookie (>= 1.0.2, < 2.0)
      mime-types (>= 1.16, < 4.0)
      netrc (~> 0.8)
    rspec-core (3.5.3)
      rspec-support (~> 3.5.0)
    rspec-expectations (3.5.0)
      diff-lcs (>= 1.2.0, < 2.0)
      rspec-support (~> 3.5.0)
    rspec-mocks (3.5.0)
      diff-lcs (>= 1.2.0, < 2.0)
      rspec-support (~> 3.5.0)
    rspec-rails (3.5.2)
      actionpack (>= 3.0)
      activesupport (>= 3.0)
      railties (>= 3.0)
      rspec-core (~> 3.5.0)
      rspec-expectations (~> 3.5.0)
      rspec-mocks (~> 3.5.0)
      rspec-support (~> 3.5.0)
    rspec-support (3.5.0)
    ruby_parser (3.11.0)
      sexp_processor (~> 4.9)
    sass (3.4.22)
    sass-rails (5.0.6)
      railties (>= 4.0.0, < 6)
      sass (~> 3.1)
      sprockets (>= 2.8, < 4.0)
      sprockets-rails (>= 2.0, < 4.0)
      tilt (>= 1.1, < 3)
    sexp_processor (4.11.0)
    sprockets (3.7.2)
      concurrent-ruby (~> 1.0)
      rack (> 1, < 3)
    sprockets-rails (3.2.1)
      actionpack (>= 4.0)
      activesupport (>= 4.0)
      sprockets (>= 3.0.0)
    stripe (1.54.0)
      rest-client (>= 1.4, < 4.0)
    temple (0.8.0)
    thor (0.20.0)
    thread_safe (0.3.6)
    tilt (2.0.8)
    tzinfo (1.2.10)
      thread_safe (~> 0.1)
    uglifier (3.0.2)
      execjs (>= 0.3.0, < 3)
    unf (0.1.4)
      unf_ext
    unf_ext (0.0.7.2)
    unicorn (5.1.0)
      kgio (~> 2.6)
      raindrops (~> 0.7)
    websocket-driver (0.6.5)
      websocket-extensions (>= 0.1.0)
    websocket-extensions (0.1.3)
    xpath (2.0.0)
      nokogiri (~> 1.3)

PLATFORMS
  ruby

DEPENDENCIES
  capybara
  coffee-rails
  dotenv
  haml-rails
  jquery-rails
  lograge
  pg
  rack-canonical-host
  rails (~> 5.0.0)
  rails_12factor
  rspec-rails
  sass-rails
  stripe
  uglifier
  unicorn

RUBY VERSION
   ruby 2.7.4p191

BUNDLED WITH
   2.2.23
